GEM
  remote: https://rubygems.org/
  specs:
    dotenv (2.0.2)

PLATFORMS
  ruby

DEPENDENCIES
  dotenv

BUNDLED WITH
   1.10.6
